GEM
  remote: http://rubygems.org/
  specs:
    bcrypt-ruby (2.1.4)
    rack (1.2.2)
    sinatra (1.2.2)
      rack (~> 1.1)
      tilt (>= 1.2.2, < 2.0)
    thor (0.14.6)
    tilt (1.2.2)
    vegas (0.1.8)
      rack (>= 1.0.0)
    warden (1.0.3)
      rack (>= 1.0.0)
    yauth (0.2.0)
      bcrypt-ruby (>= 2.1.4)
      thor (~> 0.14.0)
      warden (~> 1.0)

PLATFORMS
  ruby

DEPENDENCIES
  sinatra
  vegas
  yauth
